GEM
  remote: http://rubygems.org/
  remote: http://gems.github.com/
  specs:
    diff-lcs (1.1.2)
    git (1.2.5)
    jeweler (1.5.1)
      bundler (~> 1.0.0)
      git (>= 1.2.5)
      rake
    linecache (0.43)
    rake (0.8.7)
    rspec (2.1.0)
      rspec-core (~> 2.1.0)
      rspec-expectations (~> 2.1.0)
      rspec-mocks (~> 2.1.0)
    rspec-core (2.1.0)
    rspec-expectations (2.1.0)
      diff-lcs (~> 1.1.2)
    rspec-mocks (2.1.0)
    ruby-debug-base (0.10.4)
      linecache (>= 0.3)
    ruby-debug-ide (0.4.15)
      rake (>= 0.8.1)
    selenium (0.0.3)
      jeweler
    selenium-client (1.2.18)

PLATFORMS
  ruby

DEPENDENCIES
  rspec (= 2.1.0)
  ruby-debug-base
  ruby-debug-ide
  selenium
  selenium-client (= 1.2.18)
