GEM
  remote: http://rubygems.org/
  specs:
    akephalos (0.2.4)
      capybara (~> 0.3.8)
      jruby-jars
    capybara (0.3.8)
      culerity (>= 0.2.4)
      mime-types (>= 1.16)
      nokogiri (>= 1.3.3)
      rack (>= 1.0.0)
      rack-test (>= 0.5.2)
      selenium-webdriver (>= 0.0.3)
    childprocess (0.1.4)
      ffi (~> 0.6.3)
    culerity (0.2.12)
    ffi (0.6.3)
      rake (>= 0.8.7)
    jruby-jars (1.5.5)
    json_pure (1.4.6)
    mime-types (1.16)
    nokogiri (1.4.4)
    rack (1.2.1)
    rack-test (0.5.6)
      rack (>= 1.0)
    rake (0.8.7)
    rspec (1.3.1)
    rubyzip (0.9.4)
    selenium-webdriver (0.1.0)
      childprocess (= 0.1.4)
      ffi (~> 0.6.3)
      json_pure
      rubyzip

PLATFORMS
  ruby

DEPENDENCIES
  akephalos
  capybara (= 0.3.8)
  rspec (= 1.3.1)
