GEM
  remote: http://rubygems.org/
  remote: http://gems.github.com/
  specs:
    diff-lcs (1.1.2)
    rspec (2.1.0)
      rspec-core (~> 2.1.0)
      rspec-expectations (~> 2.1.0)
      rspec-mocks (~> 2.1.0)
    rspec-core (2.1.0)
    rspec-expectations (2.1.0)
      diff-lcs (~> 1.1.2)
    rspec-mocks (2.1.0)
    unencumbered (0.2.0)
      rspec (>= 2.0.0.beta.19)

PLATFORMS
  ruby

DEPENDENCIES
  rspec
  unencumbered
